GEM
  remote: https://rubygems.org/
  specs:
    minitest (5.10.3)

PLATFORMS
  ruby

DEPENDENCIES
  minitest (~> 5.10)

RUBY VERSION
   ruby 2.4.2p198

BUNDLED WITH
   1.15.4
